REDIRECTS: ON
FRAMEWORK: NET45
NUGET
  remote: https://www.nuget.org/api/v2
  specs:
    Aether (8.1.2)
    Argu (2.1)
    Chiron (6.1)
      Aether (>= 8.0.2 < 9.0)
      FParsec (>= 1.0 < 2.0)
    Common.Logging (3.3.1)
      Common.Logging.Core (>= 3.3.1)
    Common.Logging.Core (3.3.1)
    elmah.corelibrary (1.2.2)
    elmah.io.client (2.0.28)
    elmah.io.core (2.0.28)
      elmah.corelibrary (>= 1.2.2)
      elmah.io.client (>= 2.0.28)
    EventStore.Client.PreRelease (3.1.1)
      Newtonsoft.Json (>= 6.0.8)
      protobuf-net (>= 2.0.0.668)
    FAKE (4.25.5)
    FluentMigrator (1.6.1)
    FluentMigrator.Runner (1.6.1)
      FluentMigrator (>= 1.6.1)
    FParsec (1.0.2)
    FsCheck (2.4)
      FSharp.Core (>= 3.1.2.5)
    FSharp.Control.AsyncSeq (2.0.8)
    FSharp.Core (4.0.0.1)
    FSharpx.Async (1.12)
      FSharp.Control.AsyncSeq
    FSharpx.Collections (1.14)
      FSharp.Core (>= 3.0)
    FSharpx.Extras (1.10.3)
      FSharpx.Async (>= 1.12)
      FSharpx.Collections (>= 1.10.1)
    FsMachines (0.2)
      FSharpx.Extras (>= 1.10.2)
    FsPickler (2.1)
    FsSql (2.1)
      FSharp.Core (>= 3.1.2.1)
    FsUnit (2.1)
      FSharp.Core (>= 3.1.2.5)
      NUnit (3.2)
    fszmq (12.1.1)
      FSharp.Core
    Fuchu (1.0.3)
      FSharp.Core (>= 3.1.2.1)
    Fuchu.FsCheck (1.0.3)
      FsCheck (>= 2.2.4)
      FSharp.Core (>= 3.1.2.5)
      Fuchu (>= 1.0.3)
    Hawk (3.0.3)
      FSharp.Core (>= 3.1.2.5)
      NodaTime (>= 1.3.1)
    Hopac-StrongName (0.1.4)
      FSharp.Core (>= 3.1.2.5)
    Http.fs-prerelease (2.4.4)
      FSharp.Core (>= 3.1.2.1)
    log4net (2.0.5)
    loggr-dotnet (1.0.9)
    Machine.Specifications (0.9.3)
    Machine.Specifications.Runner.Console (0.9.2)
    Machine.Specifications.Should (0.8)
      Machine.Specifications (>= 0.9 < 1.0)
    Mailgun.Api (0.1)
      Chiron (>= 5.2.1)
      Http.fs-prerelease (>= 2.4)
      NodaTime (>= 1.3.1)
    Newtonsoft.Json (8.0.3)
    NLog (4.3.3)
    NodaTime (1.3.2)
    NUnit (3.2)
    protobuf-net (2.0.0.668)
    RestSharp (105.2.3)
    Suave (1.1.2)
      FSharp.Core (>= 3.1.2.5)
    System.Data.SQLite.Core (1.0.101)
    Topshelf (3.3.1)
    Topshelf.FSharp (2.1)
      Topshelf (>= 3.2)
    Unquote (3.1.1)
GITHUB
  remote: xyncro/chiron
  specs:
    src/Chiron/Chiron.fs (e0f4c122b21cb02d47ae3f4f83924b2dcb8dea9e)
  remote: xyncro/aether
  specs:
    src/Aether/Aether.fs (5b5c05db2414562e9f3f679d42284638e63b9f3a)
  remote: haf/YoLo
  specs:
    YoLo.fs (10b225acf83c93e2e8bbd730cbeec8a42d1347d0)
  remote: haf/expecto-patronum
  specs:
    ExpectoPatronum/Assert.fs (ef7588dae13f3ab81fd78d620202874673c519b0)
  remote: haf-raysearchlabs/RingBuffer
  specs:
    RingBuffer.fs (530322436fbc0a3e9137a7bae8e68811562e29b2)
      Hopac-StrongName